GEM
  remote: https://rubygems.org/
  specs:
    byebug (11.0.1)
    httparty (0.16.4)
      mime-types (~> 3.0)
      multi_xml (>= 0.5.2)
    mime-types (3.2.2)
      mime-types-data (~> 3.2015)
    mime-types-data (3.2018.0812)
    mini_portile2 (2.8.0)
    multi_xml (0.6.0)
    nokogiri (1.13.2)
      mini_portile2 (~> 2.8.0)
      racc (~> 1.4)
    power_assert (1.1.4)
    racc (1.6.0)
    test-unit (3.3.1)
      power_assert

PLATFORMS
  ruby

DEPENDENCIES
  byebug
  httparty
  nokogiri
  test-unit (~> 3.1, >= 3.1.8)

BUNDLED WITH
   2.0.1
