GEM
  remote: https://rubygems.org/
  specs:
    byebug (11.0.1)
    httparty (0.21.0)
      mini_mime (>= 1.0.0)
      multi_xml (>= 0.5.2)
    mini_mime (1.1.2)
    mini_portile2 (2.4.0)
    multi_xml (0.6.0)
    nokogiri (1.10.2)
      mini_portile2 (~> 2.4.0)
    power_assert (1.1.4)
    test-unit (3.3.1)
      power_assert

PLATFORMS
  ruby

DEPENDENCIES
  byebug
  httparty
  nokogiri
  test-unit (~> 3.1, >= 3.1.8)

BUNDLED WITH
   2.0.1
